GEM
  remote: https://rubygems.org/
  specs:
    jwt (2.5.0)

PLATFORMS
  x86_64-darwin-19

DEPENDENCIES
  jwt (~> 2.1)

BUNDLED WITH
   2.2.23
